PATH
  remote: .
  specs:
    rblineprof (0.3.2)
      debugger-ruby_core_source (~> 1.2)

GEM
  remote: https://rubygems.org/
  specs:
    debugger-ruby_core_source (1.3.1)

PLATFORMS
  ruby

DEPENDENCIES
  rblineprof!
