PATH
  remote: .
  specs:
    rblineprof (0.3.3)
      debugger-ruby_core_source (~> 1.3)

GEM
  remote: https://rubygems.org/
  specs:
    debugger-ruby_core_source (1.3.1)

PLATFORMS
  ruby

DEPENDENCIES
  rblineprof!
